GEM
  remote: https://rubygems.org/
  specs:
    amazing_print (1.4.0)
    byebug (11.1.3)
    cgi (0.3.6)
    coderay (1.1.3)
    concurrent-ruby (1.2.2)
    diff-lcs (1.5.0)
    docile (1.4.0)
    erb (4.0.2)
      cgi (>= 0.3.3)
    method_source (1.0.0)
    nio4r (2.5.9)
    nokogiri (1.14.3-x86_64-linux)
      racc (~> 1.4)
    phlex (1.6.1)
      concurrent-ruby (~> 1.2)
      erb (>= 4)
      zeitwerk (~> 2.6)
    pry (0.14.2)
      coderay (~> 1.1)
      method_source (~> 1.0)
    pry-byebug (3.10.1)
      byebug (~> 11.0)
      pry (>= 0.13, < 0.15)
    puma (6.1.1)
      nio4r (~> 2.0)
    racc (1.6.2)
    rack (3.0.7)
    rackup (2.1.0)
      rack (>= 3)
      webrick (~> 1.8)
    rake (13.0.6)
    roda (3.66.0)
      rack
    rspec (3.12.0)
      rspec-core (~> 3.12.0)
      rspec-expectations (~> 3.12.0)
      rspec-mocks (~> 3.12.0)
    rspec-core (3.12.1)
      rspec-support (~> 3.12.0)
    rspec-expectations (3.12.2)
      diff-lcs (>= 1.2.0, < 2.0)
      rspec-support (~> 3.12.0)
    rspec-html-matchers (0.10.0)
      nokogiri (~> 1)
      rspec (>= 3.0.0.a)
    rspec-mocks (3.12.5)
      diff-lcs (>= 1.2.0, < 2.0)
      rspec-support (~> 3.12.0)
    rspec-support (3.12.0)
    simplecov (0.22.0)
      docile (~> 1.1)
      simplecov-html (~> 0.11)
      simplecov_json_formatter (~> 0.1)
    simplecov-html (0.12.3)
    simplecov_json_formatter (0.1.4)
    webrick (1.8.1)
    zeitwerk (2.6.7)

PLATFORMS
  x86_64-linux

DEPENDENCIES
  amazing_print (~> 1.4.0)
  phlex (~> 1.6.1)
  pry (~> 0.14.2)
  pry-byebug (~> 3.10.1)
  puma (~> 6.1.1)
  rack (~> 3.0.7)
  rackup (~> 2.1.0)
  rake (~> 13.0.6)
  roda (~> 3.66.0)
  rspec (~> 3.12.0)
  rspec-html-matchers (~> 0.10.0)
  simplecov (~> 0.22.0)
  zeitwerk (~> 2.6.7)

BUNDLED WITH
   2.4.10
